PATH
  remote: .
  specs:
    jekyll-github-chart (0.1.3)
      githubchart (~> 3.1.1)
      jekyll

GEM
  remote: https://rubygems.org/
  specs:
    addressable (2.8.1)
      public_suffix (>= 2.0.2, < 6.0)
    albino (1.3.3)
      posix-spawn (>= 0.3.6)
    basiccache (1.0.0)
    classifier (1.3.5)
      fast-stemmer (~> 1.0.0)
      mathn
      rake
    curb (0.9.10)
    directory_watcher (1.5.1)
    fast-stemmer (1.0.2)
    githubchart (3.1.1)
      githubstats (~> 3.0.2)
      svgplot (~> 1.0.0)
    githubstats (3.0.2)
      basiccache (~> 1.0.0)
      curb (~> 0.9.0)
      nokogiri (~> 1.10.8)
    jekyll (0.11.0)
      albino (>= 1.3.2)
      classifier (>= 1.3.1)
      directory_watcher (>= 1.1.1)
      kramdown (>= 0.13.2)
      liquid (>= 1.9.0)
      maruku (>= 0.5.9)
    kramdown (2.3.0)
      rexml
    liquid (4.0.3)
    maruku (0.7.3)
    mathn (0.1.0)
    mini_portile2 (2.4.0)
    nokogiri (1.10.10)
      mini_portile2 (~> 2.4.0)
    posix-spawn (0.3.15)
    public_suffix (4.0.7)
    rake (12.3.3)
    rexml (3.2.4)
    svgplot (1.0.0)

PLATFORMS
  ruby

DEPENDENCIES
  jekyll-github-chart!
  rake (~> 12.0)

BUNDLED WITH
   2.1.4
